GEM
  remote: http://rubygems.org/
  specs:
    activesupport (3.1.0)
      multi_json (~> 1.0)
    embedly (1.3.0)
      oauth
      querystring
      typhoeus
    httparty (0.8.0)
      multi_json
      multi_xml
    mime-types (1.16)
    multi_json (1.0.3)
    multi_xml (0.4.0)
    oauth (0.4.5)
    querystring (0.1.0)
    rack (1.3.3)
    rack-protection (1.1.0)
      rack
    sinatra (1.3.0.f)
      rack (~> 1.3)
      rack-protection (~> 1.1)
      tilt (~> 1.3)
    sinatra-cache (0.3.7)
      sinatra (>= 1.1.0)
      sinatra-outputbuffer (>= 0.1.0)
    sinatra-outputbuffer (0.1.0)
      sinatra (>= 1.0.a)
    tilt (1.3.3)
    twitter-text (1.4.9)
      activesupport
    typhoeus (0.2.4)
      mime-types
      mime-types

PLATFORMS
  ruby

DEPENDENCIES
  embedly
  httparty
  sinatra
  sinatra-cache
  twitter-text
