GEM
  remote: http://rubygems.org/
  specs:
    activemodel (3.2.2)
      activesupport (= 3.2.2)
      builder (~> 3.0.0)
    activerecord (3.2.2)
      activemodel (= 3.2.2)
      activesupport (= 3.2.2)
      arel (~> 3.0.2)
      tzinfo (~> 0.3.29)
    activesupport (3.2.2)
      i18n (~> 0.6)
      multi_json (~> 1.0)
    addressable (2.2.7)
    arel (3.0.2)
    builder (3.0.0)
    dalli (1.1.5)
    embedly (1.5.2)
      oauth
      querystring
      typhoeus
    faraday (0.6.1)
      addressable (~> 2.2.4)
      multipart-post (~> 1.1.0)
      rack (>= 1.1.0, < 2)
    faraday_middleware (0.6.5)
      faraday (~> 0.6.0)
    hashie (1.0.0)
    httparty (0.8.1)
      multi_json
      multi_xml
    i18n (0.6.0)
    mime-types (1.17.2)
    multi_json (1.0.4)
    multi_xml (0.2.2)
    multipart-post (1.1.5)
    mysql2 (0.3.11)
    oauth (0.4.5)
    querystring (0.1.0)
    rack (1.4.1)
    rack-protection (1.2.0)
      rack
    simple_oauth (0.1.5)
    sinatra (1.3.2)
      rack (~> 1.3, >= 1.3.6)
      rack-protection (~> 1.2)
      tilt (~> 1.3, >= 1.3.3)
    tilt (1.3.3)
    twitter (1.6.0)
      faraday (~> 0.6.1)
      faraday_middleware (~> 0.6.3)
      hashie (~> 1.0.0)
      multi_json (~> 1.0.0)
      multi_xml (~> 0.2.0)
      simple_oauth (~> 0.1.5)
    twitter-text (1.4.17)
      activesupport
    typhoeus (0.3.3)
      mime-types
    tzinfo (0.3.32)

PLATFORMS
  ruby

DEPENDENCIES
  activerecord
  bundler
  dalli
  embedly
  httparty
  mysql2
  sinatra
  twitter (= 1.6.0)
  twitter-text
