GEM
  remote: http://rubygems.org/
  specs:
    activesupport (3.1.0)
      multi_json (~> 1.0)
    addressable (2.2.6)
    embedly-rb (0.0.1)
      faraday (~> 0.7.4)
      faraday_middleware (~> 0.7.0)
      hashie (~> 1.1.0)
      multi_json (~> 1.0.0)
    faraday (0.7.4)
      addressable (~> 2.2.6)
      multipart-post (~> 1.1.0)
      rack (< 2, >= 1.1.0)
    faraday_middleware (0.7.0)
      faraday (~> 0.7.3)
    hashie (1.1.0)
    httparty (0.8.0)
      multi_json
      multi_xml
    multi_json (1.0.3)
    multi_xml (0.4.0)
    multipart-post (1.1.3)
    rack (1.3.3)
    rack-protection (1.1.0)
      rack
    sinatra (1.3.0.f)
      rack (~> 1.3)
      rack-protection (~> 1.1)
      tilt (~> 1.3)
    sinatra-cache (0.3.7)
      sinatra (>= 1.1.0)
      sinatra-outputbuffer (>= 0.1.0)
    sinatra-outputbuffer (0.1.0)
      sinatra (>= 1.0.a)
    tilt (1.3.3)
    twitter-text (1.4.9)
      activesupport

PLATFORMS
  ruby

DEPENDENCIES
  embedly-rb
  httparty
  sinatra
  sinatra-cache
  twitter-text
